{"ConversionSoftware":"dicm2nii.m 20240821","SeriesNumber":401,"SeriesDescription":"epi_bold_2mmiso_PA_Task3_Run2_SaveBySlc","ImageType":["ORIGINAL","PRIMARY","M","VFRAME"],"Modality":"MR","AcquisitionDateTime":"20241225132653.605","TotalReadoutTime":0.53490178,"SliceTiming":[0,1.026991,0.078997761,1.1059988,0.15799552,1.1849966,0.23699328,1.2639944,0.31599104,1.3429921,0.39499886,1.4219999,0.47399662,1.5009977,0.55299439,1.5799955,0.63199215,1.6589932,0.71099997,1.737991,0.78999773,1.8169988,0.86899549,1.8959966,0.94799325,0,1.026991,0.078997761,1.1059988,0.15799552,1.1849966,0.23699328,1.2639944,0.31599104,1.3429921,0.39499886,1.4219999,0.47399662,1.5009977,0.55299439,1.5799955,0.63199215,1.6589932,0.71099997,1.737991,0.78999773,1.8169988,0.86899549,1.8959966,0.94799325,0,1.026991,0.078997761,1.1059988,0.15799552,1.1849966,0.23699328,1.2639944,0.31599104,1.3429921,0.39499886,1.4219999,0.47399662,1.5009977,0.55299439,1.5799955,0.63199215,1.6589932,0.71099997,1.737991,0.78999773,1.8169988,0.86899549,1.8959966,0.94799325],"RepetitionTime":2,"PhaseEncodingDirection":"j-","EffectiveEchoSpacing":0.0051932212,"EchoTime":0.03,"PatientSex":"F","PatientAge":"024Y","PatientSize":1.63,"PatientWeight":55,"PatientPosition":"HFS","SliceThickness":2,"FlipAngle":90,"Manufacturer":"UIH","SoftwareVersion":"R002","MRAcquisitionType":"2D","InstitutionName":"è¥¿åå¸èå¤§å­¦","DeviceSerialNumber":"310014","ScanningSequence":"EP","SequenceVariant":"NONE","ScanOptions":"FS","SequenceName":"epi_bold","TaskName":"removal"}