{
	"ConversionSoftware": "dicm2nii.m 20240821",
	"SeriesNumber": 201,
	"SeriesDescription": "t1_gre_fsp_3d_sag_iso0.8mm",
	"ImageType": ["ORIGINAL", "PRIMARY", "M", "UCA", "DC3D", "IF"],
	"Modality": "MR",
	"AcquisitionDateTime": "20241224125427.854",
	"RepetitionTime": 0.0075,
	"PhaseEncodingDirection": "i?",
	"EchoTime": 0.0031,
	"InversionTime": 1,
	"PatientSex": "M",
	"PatientAge": "021Y",
	"PatientSize": 1.84,
	"PatientWeight": 78,
	"PatientPosition": "HFS",
	"SliceThickness": 0.80000001,
	"FlipAngle": 8,
	"Manufacturer": "UIH",
	"SoftwareVersion": "R002",
	"MRAcquisitionType": "3D",
	"InstitutionName": "è¥¿åå¸èå¤§å­¦",
	"DeviceSerialNumber": "310014",
	"ScanningSequence": "GR\\IR",
	"SequenceVariant": "NONE",
	"SequenceName": "gre_fsp"
}
