{"ConversionSoftware":"dicm2nii.m 20240821","SeriesNumber":401,"SeriesDescription":"epi_bold_2mmiso_PA_Task3_Run2_SaveBySlc","ImageType":["ORIGINAL","PRIMARY","M","VFRAME"],"Modality":"MR","AcquisitionDateTime":"20251119193427.125","TotalReadoutTime":0.54392319,"SliceTiming":[0,1.026991,0.078997761,1.1059988,0.15799552,1.1849966,0.23699328,1.2639944,0.31599104,1.3439979,0.39499886,1.4229957,0.47399662,1.5019935,0.55299439,1.5809912,0.63199215,1.659999,0.71099997,1.7389968,0.78999773,1.8179946,0.86899549,1.8969923,0.94799325,0,1.026991,0.078997761,1.1059988,0.15799552,1.1849966,0.23699328,1.2639944,0.31599104,1.3439979,0.39499886,1.4229957,0.47399662,1.5019935,0.55299439,1.5809912,0.63199215,1.659999,0.71099997,1.7389968,0.78999773,1.8179946,0.86899549,1.8969923,0.94799325,0,1.026991,0.078997761,1.1059988,0.15799552,1.1849966,0.23699328,1.2639944,0.31599104,1.3439979,0.39499886,1.4229957,0.47399662,1.5019935,0.55299439,1.5809912,0.63199215,1.659999,0.71099997,1.7389968,0.78999773,1.8179946,0.86899549,1.8969923,0.94799325],"RepetitionTime":2,"PhaseEncodingDirection":"j-","EffectiveEchoSpacing":0.0052808077,"EchoTime":0.03,"PatientSex":"F","PatientAge":"021Y","PatientSize":1.59,"PatientWeight":42,"PatientPosition":"HFS","SliceThickness":2,"FlipAngle":90,"Manufacturer":"UIH","SoftwareVersion":"R003","MRAcquisitionType":"2D","InstitutionName":"è¥¿åå¸èå¤§å­¦","DeviceSerialNumber":"310014","ScanningSequence":"EP","SequenceVariant":"NONE","ScanOptions":"FS","SequenceName":"epi_bold","TaskName":"removal"}