{"ConversionSoftware":"dicm2nii.m 20240821","SeriesNumber":501,"SeriesDescription":"epi_bold_2mmiso_PA_Task3_Run2_SaveBySlc","ImageType":["ORIGINAL","PRIMARY","M","VFRAME"],"Modality":"MR","AcquisitionDateTime":"20241218135232.311","TotalReadoutTime":0.53490178,"SliceTiming":[0,1.0270011,0.078997761,1.1059988,0.15799552,1.1849966,0.23700334,1.2639944,0.3160011,1.3430022,0.39499886,1.4219999,0.47399662,1.5009977,0.55299439,1.5799955,0.6320022,1.6590033,0.71099997,1.738001,0.78999773,1.8169988,0.86899549,1.8959966,0.94800331,0,1.0270011,0.078997761,1.1059988,0.15799552,1.1849966,0.23700334,1.2639944,0.3160011,1.3430022,0.39499886,1.4219999,0.47399662,1.5009977,0.55299439,1.5799955,0.6320022,1.6590033,0.71099997,1.738001,0.78999773,1.8169988,0.86899549,1.8959966,0.94800331,0,1.0270011,0.078997761,1.1059988,0.15799552,1.1849966,0.23700334,1.2639944,0.3160011,1.3430022,0.39499886,1.4219999,0.47399662,1.5009977,0.55299439,1.5799955,0.6320022,1.6590033,0.71099997,1.738001,0.78999773,1.8169988,0.86899549,1.8959966,0.94800331],"RepetitionTime":2,"PhaseEncodingDirection":"j-","EffectiveEchoSpacing":0.0051932212,"EchoTime":0.03,"PatientSex":"F","PatientAge":"023Y","PatientSize":1.63,"PatientWeight":50,"PatientPosition":"HFS","SliceThickness":2,"FlipAngle":90,"Manufacturer":"UIH","SoftwareVersion":"R002","MRAcquisitionType":"2D","InstitutionName":"è¥¿åå¸èå¤§å­¦","DeviceSerialNumber":"310014","ScanningSequence":"EP","SequenceVariant":"NONE","ScanOptions":"FS","SequenceName":"epi_bold","TaskName":"removal"}